GEM
  remote: https://rubygems.org/
  specs:
    ansi (1.5.0)
    builder (3.3.0)
    minitest (5.25.4)
    minitest-reporters (1.7.1)
      ansi
      builder
      minitest (>= 5.0)
      ruby-progressbar
    pastel (0.8.0)
      tty-color (~> 0.5)
    rake (13.2.1)
    ruby-progressbar (1.13.0)
    shoulda-context (2.0.0)
    strings (0.2.1)
      strings-ansi (~> 0.2)
      unicode-display_width (>= 1.5, < 3.0)
      unicode_utils (~> 1.4)
    strings-ansi (0.2.0)
    tty-color (0.6.0)
    tty-cursor (0.7.1)
    tty-reader (0.9.0)
      tty-cursor (~> 0.7)
      tty-screen (~> 0.8)
      wisper (~> 2.0)
    tty-screen (0.8.2)
    tty-table (0.12.0)
      pastel (~> 0.8)
      strings (~> 0.2.0)
      tty-screen (~> 0.8)
    ttyhue (0.1.2)
    unicode-display_width (2.6.0)
    unicode_utils (1.4.0)
    wisper (2.0.1)

PLATFORMS
  ruby
  x86_64-linux

DEPENDENCIES
  minitest (~> 5.25)
  minitest-reporters (~> 1.7)
  rake (~> 13.2)
  shoulda-context (~> 2.0)
  tty-cursor (~> 0.7.1)
  tty-reader (~> 0.9.0)
  tty-table (~> 0.12.0)
  ttyhue (~> 0.1.2)

BUNDLED WITH
   2.5.21
